GEM
  remote: https://rubygems.org/
  specs:
    createsend (5.1.0)
      hashie (~> 3.0)
      httparty (~> 0.14)
      json (>= 1.0)
    dotenv (2.7.6)
    hashie (3.6.0)
    httparty (0.18.1)
      mime-types (~> 3.0)
      multi_xml (>= 0.5.2)
    json (2.3.1)
    mime-types (3.3.1)
      mime-types-data (~> 3.2015)
    mime-types-data (3.2020.0512)
    multi_xml (0.6.0)
    rake (13.0.3)

PLATFORMS
  ruby

DEPENDENCIES
  createsend (~> 5.1)
  dotenv (~> 2.7)
  rake

BUNDLED WITH
   2.1.4
